PATH
  remote: .
  specs:
    vitae (0.1.3)
      haml (~> 3.0.0)
      sinatra (~> 1.1.0)
      thor (~> 0.14.0)

GEM
  remote: http://rubygems.org/
  specs:
    haml (3.0.24)
    nokogiri (1.4.4)
    rack (1.2.1)
    rack-test (0.5.6)
      rack (>= 1.0)
    sinatra (1.1.0)
      rack (~> 1.1)
      tilt (~> 1.1)
    thor (0.14.6)
    tilt (1.1)

PLATFORMS
  ruby

DEPENDENCIES
  haml (~> 3.0.0)
  nokogiri (~> 1.4.0)
  rack-test (~> 0.5.0)
  sinatra (~> 1.1.0)
  thor (~> 0.14.0)
  vitae!
