PATH
  remote: .
  specs:
    vitae (0.0.2)
      sinatra
      thor

GEM
  remote: http://rubygems.org/
  specs:
    nokogiri (1.4.3.1)
    rack (1.2.1)
    sinatra (1.1.0)
      rack (~> 1.1)
      tilt (~> 1.1)
    thor (0.14.4)
    tilt (1.1)

PLATFORMS
  ruby

DEPENDENCIES
  nokogiri
  sinatra
  thor
  vitae!
